PATH
  remote: .
  specs:
    work (0.1.0)
      sys-uname (>= 0.8.5)

GEM
  remote: http://rubygems.org/
  specs:
    diff-lcs (1.1.2)
    rspec (2.6.0)
      rspec-core (~> 2.6.0)
      rspec-expectations (~> 2.6.0)
      rspec-mocks (~> 2.6.0)
    rspec-core (2.6.0)
    rspec-expectations (2.6.0)
      diff-lcs (~> 1.1.2)
    rspec-mocks (2.6.0)
    sys-uname (0.8.5)
    yard (0.6.8)

PLATFORMS
  ruby

DEPENDENCIES
  rspec (>= 2.5.0)
  work!
  yard (>= 0.6.4)
